ObjectType = Image
NDims = 2
BinaryData = True
BinaryDataByteOrderMSB = False
CompressedData = True
CompressedDataSize = 229484
TransformMatrix = 1 0 0 1
Offset = 0 0
CenterOfRotation = 0 0
ElementSpacing = 1 1
DimSize = 256 256
AnatomicalOrientation = ??
ElementType = MET_FLOAT
ElementDataFile = Noise-01-Speed.zraw
