ObjectType = Image
NDims = 2
BinaryData = True
BinaryDataByteOrderMSB = False
CompressedData = True
CompressedDataSize = 899576
TransformMatrix = 1 0 0 1
Offset = 0 0
CenterOfRotation = 0 0
ElementSpacing = 1 1
DimSize = 498 500
AnatomicalOrientation = ??
ElementType = MET_FLOAT
ElementDataFile = Real-DSA-01-Speed-02.zraw
