ObjectType = Image
NDims = 2
BinaryData = True
BinaryDataByteOrderMSB = False
CompressedData = True
CompressedDataSize = 20776
TransformMatrix = 1 0 0 1
Offset = 0 0
CenterOfRotation = 0 0
ElementSpacing = 1 1
DimSize = 300 300
AnatomicalOrientation = ??
ElementType = MET_FLOAT
ElementDataFile = Synthetic-01-Speed.zraw
